GIT
  remote: https://github.com/rwdaigle/heroku-log-parser.git
  revision: 33e46fdee18ffc5cd21a5190008152b02d5f7103
  specs:
    heroku-log-parser (0.4.0)

GEM
  remote: https://rubygems.org/
  specs:
    addressable (2.7.0)
      public_suffix (>= 2.0.2, < 5.0)
    airbrake (9.4.4)
      airbrake-ruby (~> 4.6)
    airbrake-ruby (4.6.0)
      rbtree3 (~> 0.5)
    async-rack (0.5.1)
      rack (~> 1.1)
    einhorn (0.7.4)
    em-synchrony (1.0.6)
      eventmachine (>= 1.0.0.beta.1)
    em-websocket (0.3.8)
      addressable (>= 2.1.1)
      eventmachine (>= 0.12.9)
    eventmachine (1.0.9)
    goliath (1.0.6)
      async-rack
      einhorn
      em-synchrony (>= 1.0.0)
      em-websocket (= 0.3.8)
      eventmachine (>= 1.0.0.beta.4)
      http_parser.rb (>= 0.6.0)
      log4r
      multi_json
      rack (>= 1.2.2)
      rack-contrib
      rack-respond_to
    haml (5.1.2)
      temple (>= 0.8.0)
      tilt
    http_parser.rb (0.6.0)
    log4r (1.1.10)
    multi_json (1.13.1)
    pg (0.18.4)
    public_suffix (4.0.1)
    rack (1.6.11)
    rack-accept-media-types (0.9)
    rack-contrib (1.8.0)
      rack (~> 1.4)
    rack-respond_to (0.9.8)
      rack-accept-media-types (>= 0.6)
    rake (12.3.3)
    rbtree3 (0.5.0)
    sequel (5.24.0)
    temple (0.8.2)
    tilt (2.0.9)

PLATFORMS
  ruby

DEPENDENCIES
  airbrake
  eventmachine (= 1.0.9)
  goliath
  haml
  heroku-log-parser!
  pg (~> 0.18.0)
  rake
  sequel
  tilt

RUBY VERSION
   ruby 2.5.4p155

BUNDLED WITH
   2.0.1
