GIT
  remote: https://github.com/rwdaigle/heroku-log-parser.git
  revision: 33e46fdee18ffc5cd21a5190008152b02d5f7103
  specs:
    heroku-log-parser (0.4.0)

GEM
  remote: https://rubygems.org/
  specs:
    addressable (2.3.2)
    async-rack (0.5.1)
      rack (~> 1.1)
    em-synchrony (1.0.2)
      eventmachine (>= 1.0.0.beta.1)
    em-websocket (0.3.8)
      addressable (>= 2.1.1)
      eventmachine (>= 0.12.9)
    eventmachine (1.0.9)
    goliath (1.0.1)
      async-rack
      em-synchrony (>= 1.0.0)
      em-websocket
      eventmachine (>= 1.0.0.beta.4)
      http_parser.rb (= 0.5.3)
      log4r
      multi_json
      rack (>= 1.2.2)
      rack-contrib
      rack-respond_to
    haml (3.1.7)
    http_parser.rb (0.5.3)
    log4r (1.1.10)
    multi_json (1.5.0)
    pg (0.15.1)
    rack (1.4.1)
    rack-accept-media-types (0.9)
    rack-contrib (1.1.0)
      rack (>= 0.9.1)
    rack-respond_to (0.9.8)
      rack-accept-media-types (>= 0.6)
    sequel (5.20.0)
    tilt (1.3.3)

PLATFORMS
  ruby

DEPENDENCIES
  eventmachine (= 1.0.9)
  goliath
  haml
  heroku-log-parser!
  pg (~> 0.15.0)
  sequel
  tilt

RUBY VERSION
   ruby 2.5.4p155

BUNDLED WITH
   2.0.1
